GIT
  remote: git://github.com/pivotal/jasmine-gem.git
  revision: 7cbb95173e2b8d0a3063e0dd20042b3159ab4a75
  specs:
    jasmine (1.3.2)
      jasmine-core (~> 1.3.1)
      rack (~> 1.0)
      rspec (>= 1.3.1)
      selenium-webdriver (>= 0.1.3)

GEM
  remote: http://rubygems.org/
  specs:
    actionmailer (3.2.12)
      actionpack (= 3.2.12)
      mail (~> 2.4.4)
    actionpack (3.2.12)
      activemodel (= 3.2.12)
      activesupport (= 3.2.12)
      builder (~> 3.0.0)
      erubis (~> 2.7.0)
      journey (~> 1.0.4)
      rack (~> 1.4.5)
      rack-cache (~> 1.2)
      rack-test (~> 0.6.1)
      sprockets (~> 2.2.1)
    activemodel (3.2.12)
      activesupport (= 3.2.12)
      builder (~> 3.0.0)
    activerecord (3.2.12)
      activemodel (= 3.2.12)
      activesupport (= 3.2.12)
      arel (~> 3.0.2)
      tzinfo (~> 0.3.29)
    activeresource (3.2.12)
      activemodel (= 3.2.12)
      activesupport (= 3.2.12)
    activesupport (3.2.12)
      i18n (~> 0.6)
      multi_json (~> 1.0)
    arel (3.0.2)
    bcrypt-ruby (3.0.1)
    bson (1.8.3)
    bson_ext (1.8.3)
      bson (~> 1.8.3)
    builder (3.0.4)
    capybara (2.0.2)
      mime-types (>= 1.16)
      nokogiri (>= 1.3.3)
      rack (>= 1.0.0)
      rack-test (>= 0.5.4)
      selenium-webdriver (~> 2.0)
      xpath (~> 1.0.0)
    childprocess (0.3.9)
      ffi (~> 1.0, >= 1.0.11)
    coderay (1.0.9)
    coffee-rails (3.2.2)
      coffee-script (>= 2.2.0)
      railties (~> 3.2.0)
    coffee-script (2.2.0)
      coffee-script-source
      execjs
    coffee-script-source (1.6.2)
    columnize (0.3.6)
    database_cleaner (0.9.1)
    debugger (1.5.0)
      columnize (>= 0.3.1)
      debugger-linecache (~> 1.2.0)
      debugger-ruby_core_source (~> 1.2.0)
    debugger-linecache (1.2.0)
    debugger-ruby_core_source (1.2.0)
    devise (2.2.3)
      bcrypt-ruby (~> 3.0)
      orm_adapter (~> 0.1)
      railties (~> 3.1)
      warden (~> 1.2.1)
    diff-lcs (1.2.1)
    erubis (2.7.0)
    execjs (1.4.0)
      multi_json (~> 1.0)
    ffi (1.5.0)
    haml (4.0.0)
      tilt
    haml-rails (0.4)
      actionpack (>= 3.1, < 4.1)
      activesupport (>= 3.1, < 4.1)
      haml (>= 3.1, < 4.1)
      railties (>= 3.1, < 4.1)
    hike (1.2.1)
    httparty (0.10.2)
      multi_json (~> 1.0)
      multi_xml (>= 0.5.2)
    i18n (0.6.4)
    jasmine-core (1.3.1)
    journey (1.0.4)
    jquery-rails (2.2.1)
      railties (>= 3.0, < 5.0)
      thor (>= 0.14, < 2.0)
    json (1.7.7)
    libv8 (3.11.8.13)
    mail (2.4.4)
      i18n (>= 0.4.0)
      mime-types (~> 1.16)
      treetop (~> 1.4.8)
    method_source (0.8.1)
    mime-types (1.21)
    mongo (1.8.3)
      bson (~> 1.8.3)
    mongoid (3.1.2)
      activemodel (~> 3.2)
      moped (~> 1.4.2)
      origin (~> 1.0)
      tzinfo (~> 0.3.22)
    moped (1.4.3)
    mp4info (1.7.3)
    multi_json (1.7.1)
    multi_xml (0.5.3)
    nokogiri (1.5.8)
    origin (1.0.11)
    orm_adapter (0.4.0)
    polyglot (0.3.3)
    pry (0.9.12)
      coderay (~> 1.0.5)
      method_source (~> 0.8)
      slop (~> 3.4)
    pry-debugger (0.2.2)
      debugger (~> 1.3)
      pry (~> 0.9.10)
    rabl (0.8.0)
      activesupport (>= 2.3.14)
    rack (1.4.5)
    rack-cache (1.2)
      rack (>= 0.4)
    rack-ssl (1.3.3)
      rack
    rack-test (0.6.2)
      rack (>= 1.0)
    rails (3.2.12)
      actionmailer (= 3.2.12)
      actionpack (= 3.2.12)
      activerecord (= 3.2.12)
      activeresource (= 3.2.12)
      activesupport (= 3.2.12)
      bundler (~> 1.0)
      railties (= 3.2.12)
    railties (3.2.12)
      actionpack (= 3.2.12)
      activesupport (= 3.2.12)
      rack-ssl (~> 1.3.2)
      rake (>= 0.8.7)
      rdoc (~> 3.4)
      thor (>= 0.14.6, < 2.0)
    rake (10.0.3)
    rdoc (3.12.2)
      json (~> 1.4)
    ref (1.0.4)
    rmagick (2.13.2)
    rspec (2.13.0)
      rspec-core (~> 2.13.0)
      rspec-expectations (~> 2.13.0)
      rspec-mocks (~> 2.13.0)
    rspec-core (2.13.1)
    rspec-expectations (2.13.0)
      diff-lcs (>= 1.1.3, < 2.0)
    rspec-mocks (2.13.0)
    rspec-rails (2.13.0)
      actionpack (>= 3.0)
      activesupport (>= 3.0)
      railties (>= 3.0)
      rspec-core (~> 2.13.0)
      rspec-expectations (~> 2.13.0)
      rspec-mocks (~> 2.13.0)
    ruby-hmac (0.4.0)
    ruby-mp3info (0.8)
    rubyzip (0.9.9)
    sass (3.2.7)
    sass-rails (3.2.6)
      railties (~> 3.2.0)
      sass (>= 3.1.10)
      tilt (~> 1.3)
    selenium-webdriver (2.31.0)
      childprocess (>= 0.2.5)
      multi_json (~> 1.0)
      rubyzip
      websocket (~> 1.0.4)
    slop (3.4.4)
    sprockets (2.2.2)
      hike (~> 1.2)
      multi_json (~> 1.0)
      rack (~> 1.0)
      tilt (~> 1.1, != 1.3.0)
    therubyracer (0.11.4)
      libv8 (~> 3.11.8.12)
      ref
    thor (0.17.0)
    tilt (1.3.6)
    treetop (1.4.12)
      polyglot
      polyglot (>= 0.3.1)
    twitter-bootstrap-rails (2.2.6)
      actionpack (>= 3.1)
      execjs
      railties (>= 3.1)
    tzinfo (0.3.37)
    uglifier (1.3.0)
      execjs (>= 0.3.0)
      multi_json (~> 1.0, >= 1.0.2)
    warden (1.2.1)
      rack (>= 1.0)
    websocket (1.0.7)
    xpath (1.0.0)
      nokogiri (~> 1.3)

PLATFORMS
  ruby

DEPENDENCIES
  bson_ext
  capybara
  coffee-rails
  database_cleaner
  devise
  haml-rails
  httparty
  jasmine!
  jquery-rails
  mongo
  mongoid
  mp4info
  pry
  pry-debugger
  rabl
  rails (= 3.2.12)
  rmagick
  rspec
  rspec-rails
  ruby-hmac
  ruby-mp3info
  sass-rails
  therubyracer
  twitter-bootstrap-rails
  uglifier
